GEM
  specs:

GEM
  remote: https://rubygems.org/
  specs:
    debug (1.8.0)
      irb (>= 1.5.0)
      reline (>= 0.3.1)
    io-console (0.6.0)
    irb (1.7.2)
      reline (>= 0.3.6)
    language_server-protocol (3.17.0.3)
    prettier_print (1.2.1)
    reline (0.3.6)
      io-console (~> 0.5)
    ruby-lsp (0.6.2)
      language_server-protocol (~> 3.17.0)
      sorbet-runtime
      syntax_tree (>= 6.1.1, < 7)
    sorbet-runtime (0.5.10911)
    syntax_tree (6.1.1)
      prettier_print (>= 1.2.0)

PLATFORMS
  arm64-darwin-23

DEPENDENCIES
  debug!
  ruby-lsp!

BUNDLED WITH
   2.4.10
